GEM
  remote: https://rubygems.org/
  specs:
    activesupport (5.2.2)
      concurrent-ruby (~> 1.0, >= 1.0.2)
      i18n (>= 0.7, < 2)
      minitest (~> 5.1)
      tzinfo (~> 1.1)
    addressable (2.5.2)
      public_suffix (>= 2.0.2, < 4.0)
    concurrent-ruby (1.1.4)
    docusign_rest (0.4.4)
      json
      multipart-post (>= 1.2)
    dotenv (1.0.2)
    faraday (0.15.4)
      multipart-post (>= 1.2, < 3)
    i18n (1.5.2)
      concurrent-ruby (~> 1.0)
    json (2.1.0)
    mini_portile2 (2.4.0)
    minitest (5.11.3)
    multipart-post (2.0.0)
    nokogiri (1.10.1)
      mini_portile2 (~> 2.4.0)
    nori (2.4.0)
    octokit (4.13.0)
      sawyer (~> 0.8.0, >= 0.5.3)
    pdfkit (0.6.2)
    pg (0.18.1)
    public_suffix (3.0.3)
    puma (3.12.0)
    rack (1.6.11)
    rack-parser (0.6.1)
      rack
    rack-protection (1.5.5)
      rack
    rake (12.0.0)
    sawyer (0.8.1)
      addressable (>= 2.3.5, < 2.6)
      faraday (~> 0.8, < 1.0)
    sequel (5.16.0)
    sinatra (1.4.8)
      rack (~> 1.5)
      rack-protection (~> 1.4)
      tilt (>= 1.3, < 3)
    sinatra-flash (0.3.0)
      sinatra (>= 1.0.0)
    sinatra-param (1.3.1)
      sinatra (~> 1.3)
    sinatra_auth_github (1.2.0)
      sinatra (~> 1.0)
      warden-github (~> 1.2.0)
    thread_safe (0.3.6)
    tilt (2.0.9)
    tzinfo (1.2.5)
      thread_safe (~> 0.1)
    warden (1.2.7)
      rack (>= 1.0)
    warden-github (1.2.0)
      activesupport (> 3.0)
      octokit (> 2.1.0)
      warden (> 1.0)

PLATFORMS
  ruby

DEPENDENCIES
  docusign_rest
  dotenv
  nokogiri
  nori
  pdfkit
  pg
  puma
  rack-parser
  rake
  sequel
  sinatra
  sinatra-flash
  sinatra-param
  sinatra_auth_github

RUBY VERSION
   ruby 2.4.5p335

BUNDLED WITH
   1.16.6
